GEM
  remote: https://rubygems.org/
  specs:
    coderay (1.0.8)
    faraday (0.8.4)
      multipart-post (~> 1.1)
    json (1.7.5)
    method_source (0.8.1)
    multipart-post (1.1.5)
    pry (0.9.10)
      coderay (~> 1.0.5)
      method_source (~> 0.8)
      slop (~> 3.3.1)
    ruby-progressbar (1.0.2)
    slop (3.3.3)

PLATFORMS
  ruby

DEPENDENCIES
  faraday
  json
  pry
  ruby-progressbar
