GEM
  remote: https://rubygems.org/
  specs:
    coderay (1.0.8)
    faraday (0.8.4)
      multipart-post (~> 1.1)
    haml (3.1.7)
    json (1.7.5)
    method_source (0.8.1)
    multipart-post (1.1.5)
    pry (0.9.10)
      coderay (~> 1.0.5)
      method_source (~> 0.8)
      slop (~> 3.3.1)
    rack (1.4.1)
    rack-protection (1.2.0)
      rack
    sinatra (1.3.3)
      rack (~> 1.3, >= 1.3.6)
      rack-protection (~> 1.2)
      tilt (~> 1.3, >= 1.3.3)
    slop (3.3.3)
    tilt (1.3.3)

PLATFORMS
  ruby

DEPENDENCIES
  faraday
  haml
  json
  pry
  sinatra
